GEM
  remote: http://rubygems.org/
  specs:
    aws-sdk (1.2.6)
      httparty (~> 0.7)
      json (~> 1.4)
      nokogiri (>= 1.4.4)
      uuidtools (~> 2.1)
    haml (3.1.4)
    httparty (0.8.1)
      multi_json
      multi_xml
    json (1.6.4)
    mime-types (1.18)
    multi_json (1.0.4)
    multi_xml (0.4.1)
    nokogiri (1.5.0)
    rake (0.9.2.2)
    uuidtools (2.1.2)

PLATFORMS
  ruby

DEPENDENCIES
  aws-sdk
  haml
  mime-types
  rake
